PATH
  remote: .
  specs:
    xenum (0.1.0)

GEM
  remote: https://rubygems.org/
  specs:
    minitest (5.22.2)
    rake (13.1.0)

PLATFORMS
  ruby

DEPENDENCIES
  minitest (~> 5.0)
  rake (~> 13.0)
  xenum!

BUNDLED WITH
   2.4.1
